PATH
  remote: .
  specs:
    doc_raptor (0.2.3)
      httparty (>= 0.4.3)

GEM
  remote: https://rubygems.org/
  specs:
    addressable (2.2.7)
    coderay (1.0.5)
    crack (0.3.1)
    httparty (0.8.1)
      multi_json
      multi_xml
    method_source (0.7.1)
    minitest (2.11.3)
    multi_json (1.1.0)
    multi_xml (0.4.2)
    pry (0.9.8.4)
      coderay (~> 1.0.5)
      method_source (~> 0.7.1)
      slop (>= 2.4.4, < 3)
    rake (0.9.2.2)
    slop (2.4.4)
    webmock (1.8.2)
      addressable (>= 2.2.7)
      crack (>= 0.1.7)

PLATFORMS
  ruby

DEPENDENCIES
  doc_raptor!
  minitest
  pry
  rake
  webmock
